PATH
  remote: ../rxcode
  specs:
    rxcode (0.0.1)
      plist

PATH
  remote: ../speckle
  specs:
    speckle (0.0.1)
      rspec (~> 2.5.0)
      rxcode

GEM
  remote: http://rubygems.org/
  specs:
    diff-lcs (1.1.2)
    plist (3.1.0)
    rspec (2.5.0)
      rspec-core (~> 2.5.0)
      rspec-expectations (~> 2.5.0)
      rspec-mocks (~> 2.5.0)
    rspec-core (2.5.2)
    rspec-expectations (2.5.0)
      diff-lcs (~> 1.1.2)
    rspec-mocks (2.5.0)

PLATFORMS
  ruby

DEPENDENCIES
  rspec (~> 2.5.0)
  rxcode!
  speckle!
