GEM
  remote: http://rubygems.org/
  specs:
    diff-lcs (1.1.2)
    nokogiri (1.4.4)
    plist (3.1.0)
    rake (0.9.2)
    rspec (2.5.0)
      rspec-core (~> 2.5.0)
      rspec-expectations (~> 2.5.0)
      rspec-mocks (~> 2.5.0)
    rspec-core (2.5.2)
    rspec-expectations (2.5.0)
      diff-lcs (~> 1.1.2)
    rspec-mocks (2.5.0)
    rxcode (0.0.6)
      nokogiri
      plist
      trollop
    trollop (1.16.2)

PLATFORMS
  ruby

DEPENDENCIES
  rake
  rspec (~> 2.5.0)
  rxcode
